PATH
  remote: .
  specs:
    muck (1.0.0)
      net-ssh

GEM
  remote: https://rubygems.org/
  specs:
    net-ssh (6.1.0)

PLATFORMS
  ruby

DEPENDENCIES
  muck!

BUNDLED WITH
   2.3.12
