GEM
  remote: https://rubygems.org/
  specs:
    bcrypt_pbkdf (1.1.0)
    ed25519 (1.3.0)
    net-ssh (6.1.0)

PLATFORMS
  ruby

DEPENDENCIES
  bcrypt_pbkdf
  ed25519
  net-ssh

BUNDLED WITH
   2.3.14
