GEM
  remote: https://rubygems.org/
  specs:
    aws-eventstream (1.2.0)
    aws-partitions (1.830.0)
    aws-sdk-core (3.184.0)
      aws-eventstream (~> 1, >= 1.0.2)
      aws-partitions (~> 1, >= 1.651.0)
      aws-sigv4 (~> 1.5)
      jmespath (~> 1, >= 1.6.1)
    aws-sdk-kms (1.72.0)
      aws-sdk-core (~> 3, >= 3.184.0)
      aws-sigv4 (~> 1.1)
    aws-sdk-s3 (1.136.0)
      aws-sdk-core (~> 3, >= 3.181.0)
      aws-sdk-kms (~> 1)
      aws-sigv4 (~> 1.6)
    aws-sigv4 (1.6.0)
      aws-eventstream (~> 1, >= 1.0.2)
    base64 (0.3.0)
    bcrypt_pbkdf (1.1.0)
    ed25519 (1.3.0)
    jmespath (1.6.2)
    minitest (5.25.5)
    net-protocol (0.2.2)
      timeout
    net-smtp (0.5.1)
      net-protocol
    net-ssh (7.0.1)
    rake (13.3.0)
    rexml (3.4.4)
    timeout (0.4.3)

PLATFORMS
  ruby

DEPENDENCIES
  aws-sdk-s3
  base64
  bcrypt_pbkdf
  ed25519
  minitest
  net-smtp
  net-ssh (~> 7.0.0.beta1)
  rake
  rexml

BUNDLED WITH
   2.4.20
