GEM
  remote: https://rubygems.org/
  specs:
    bcrypt_pbkdf (1.1.0)
    ed25519 (1.3.0)
    net-ssh (6.1.0)

PLATFORMS
  ruby

DEPENDENCIES
  bcrypt_pbkdf (~> 1.1)
  ed25519 (~> 1.3)
  net-ssh (~> 6.1)

BUNDLED WITH
   2.3.12
